GEM
  remote: https://rubygems.org/
  specs:
    git (1.5.0)
    rake (12.3.1)
    semantic (1.6.1)

PLATFORMS
  ruby

DEPENDENCIES
  git (~> 1.5)
  rake (~> 12.3)
  semantic (~> 1.6)

BUNDLED WITH
   1.17.3
