GEM
  remote: https://rubygems.org/
  specs:
    git (1.7.0)
      rchardet (~> 1.8)
    rake (13.0.1)
    rchardet (1.8.0)
    semantic (1.6.1)

PLATFORMS
  ruby

DEPENDENCIES
  git (~> 1.5)
  rake (~> 13.0)
  semantic (~> 1.6)

BUNDLED WITH
   2.1.4
